PATH
  remote: .
  specs:
    red-amber-view (0.0.0)
      libui
      red_amber

GEM
  remote: https://rubygems.org/
  specs:
    bigdecimal (3.1.2)
    csv (3.2.3)
    extpp (0.1.0)
    fiddle (1.1.0)
    gio2 (3.5.1)
      fiddle
      gobject-introspection (= 3.5.1)
    glib2 (3.5.1)
      native-package-installer (>= 1.0.3)
      pkg-config (>= 1.3.5)
    gobject-introspection (3.5.1)
      glib2 (= 3.5.1)
    libui (0.0.15)
    native-package-installer (1.1.4)
    numo-narray (0.9.2.0)
    pkg-config (1.4.7)
    red-arrow (8.0.0)
      bigdecimal (>= 2.0.3)
      extpp (>= 0.0.7)
      gio2 (>= 3.5.0)
      native-package-installer
      pkg-config
    red-datasets (0.1.4)
      csv (>= 3.0.5)
      rexml
      rubyzip
    red-datasets-arrow (0.0.3)
      red-arrow
      red-datasets (>= 0.0.3)
    red-parquet (8.0.0)
      red-arrow (= 8.0.0)
    red_amber (0.1.6)
      red-arrow (>= 8.0.0)
      red-parquet (>= 8.0.0)
      rover-df (~> 0.3.0)
    rexml (3.2.5)
    rover-df (0.3.1)
      numo-narray (>= 0.9.1.9)
    rubyzip (2.3.2)

PLATFORMS
  x86_64-linux

DEPENDENCIES
  red-amber-view!
  red-datasets-arrow

BUNDLED WITH
   2.3.17
